GIT
  remote: https://github.com/sinatra/sinatra
  revision: 5f6168bfc92280892e819df524d4508cf9032f6d
  specs:
    sinatra (1.4.5)
      rack (~> 1.4)
      rack-protection (~> 1.4)
      tilt (>= 1.3, < 3)

GEM
  remote: https://rubygems.org/
  specs:
    activemodel (4.2.0)
      activesupport (= 4.2.0)
      builder (~> 3.1)
    activesupport (4.2.0)
      i18n (~> 0.7)
      json (~> 1.7, >= 1.7.7)
      minitest (~> 5.1)
      thread_safe (~> 0.3, >= 0.3.4)
      tzinfo (~> 1.1)
    addressable (2.3.6)
    backports (3.6.4)
    big_sitemap (1.1.0)
    bson (2.3.0)
    builder (3.2.2)
    connection_pool (2.1.0)
    escape_utils (1.0.1)
    factory_girl (4.5.0)
      activesupport (>= 3.0.0)
    faraday (0.9.1)
      multipart-post (>= 1.2, < 3)
    i18n (0.7.0)
    json (1.8.2)
    kgio (2.9.2)
    loofah (2.0.1)
      nokogiri (>= 1.5.9)
    mail (2.6.3)
      mime-types (>= 1.16, < 3)
    mime-types (2.4.3)
    mini_portile (0.6.2)
    minitest (5.5.1)
    mongoid (4.0.0)
      activemodel (~> 4.0)
      moped (~> 2.0.0)
      origin (~> 2.1)
      tzinfo (>= 0.3.37)
    mongoid_slug (4.0.0)
      mongoid (>= 3.0)
      stringex (~> 2.0)
    moped (2.0.3)
      bson (~> 2.2)
      connection_pool (~> 2.0)
      optionable (~> 0.2.0)
    multi_json (1.10.1)
    multipart-post (2.0.0)
    nokogiri (1.6.5)
      mini_portile (~> 0.6.0)
    octokit (2.7.2)
      sawyer (~> 0.5.2)
    oj (2.11.2)
    optionable (0.2.0)
    origin (2.1.1)
    pony (1.11)
      mail (>= 2.0)
    posix-spawn (0.3.9)
    power_assert (0.2.2)
    protected_attributes (1.0.8)
      activemodel (>= 4.0.1, < 5.0)
    pygments.rb (0.6.0)
      posix-spawn (~> 0.3.6)
      yajl-ruby (~> 1.1.0)
    rack (1.6.0)
    rack-protection (1.5.3)
      rack
    rack-test (0.6.3)
      rack (>= 1.0)
    raindrops (0.13.0)
    rake (10.4.2)
    rakismet (1.5.0)
    redcarpet (3.2.2)
    rinku (1.7.3)
    safe_yaml (1.0.4)
    sawyer (0.5.5)
      addressable (~> 2.3.5)
      faraday (~> 0.8, < 0.10)
    simple-rss (1.3.1)
    sinatra-contrib (1.4.2)
      backports (>= 2.0)
      multi_json
      rack-protection
      rack-test
      sinatra (~> 1.4.0)
      tilt (~> 1.3)
    sinatra-flash (0.3.0)
      sinatra (>= 1.0.0)
    sinatra-partial (0.4.0)
      sinatra
    sinatra-webfinger (0.2.3)
      multi_json (>= 1.0)
      sinatra (>= 1.3)
    stringex (2.5.2)
    test-unit (3.0.9)
      power_assert
    thread_safe (0.3.4)
    tilt (1.4.1)
    timecop (0.7.1)
    tzinfo (1.2.2)
      thread_safe (~> 0.1)
    u2f (0.0.5)
    unicorn (4.8.3)
      kgio (~> 2.6)
      rack
      raindrops (~> 0.7)
    wirble (0.1.3)
    yajl-ruby (1.1.0)

PLATFORMS
  ruby

DEPENDENCIES
  big_sitemap
  escape_utils
  factory_girl
  loofah
  mongoid (~> 4.0)
  mongoid_slug
  nokogiri
  octokit (~> 2.0)
  oj
  pony
  protected_attributes
  pygments.rb
  rack
  rack-test
  rake
  rakismet
  redcarpet
  rinku
  safe_yaml
  simple-rss
  sinatra!
  sinatra-contrib
  sinatra-flash (= 0.3.0)
  sinatra-partial
  sinatra-webfinger
  test-unit
  timecop
  tzinfo
  u2f
  unicorn
  wirble
