GEM
  remote: http://rubygems.org/
  specs:
    activemodel (3.2.19)
      activesupport (= 3.2.19)
      builder (~> 3.0.0)
    activesupport (3.2.19)
      i18n (~> 0.6, >= 0.6.4)
      multi_json (~> 1.0)
    addressable (2.3.6)
    backports (3.6.3)
    big_sitemap (1.1.0)
    builder (3.0.4)
    escape_utils (1.0.1)
    factory_girl (4.4.0)
      activesupport (>= 3.0.0)
    faraday (0.9.0)
      multipart-post (>= 1.2, < 3)
    i18n (0.6.11)
    kgio (2.9.2)
    loofah (2.0.0)
      nokogiri (>= 1.5.9)
    mail (2.6.1)
      mime-types (>= 1.16, < 3)
    mime-types (2.3)
    mini_portile (0.6.0)
    mongoid (3.1.6)
      activemodel (~> 3.2)
      moped (~> 1.4)
      origin (~> 1.0)
      tzinfo (~> 0.3.29)
    mongoid_slug (3.2.1)
      mongoid (> 3.0)
      stringex (~> 2.0)
    moped (1.5.2)
    multi_json (1.10.1)
    multipart-post (2.0.0)
    nokogiri (1.6.2.1)
      mini_portile (= 0.6.0)
    octokit (2.7.2)
      sawyer (~> 0.5.2)
    oj (2.9.9)
    origin (1.1.0)
    pony (1.10)
      mail (>= 2.0)
    posix-spawn (0.3.8)
    pygments.rb (0.6.0)
      posix-spawn (~> 0.3.6)
      yajl-ruby (~> 1.1.0)
    rack (1.5.2)
    rack-protection (1.5.3)
      rack
    rack-test (0.6.2)
      rack (>= 1.0)
    raindrops (0.13.0)
    rake (10.3.2)
    rakismet (1.5.0)
    redcarpet (3.1.2)
    rinku (1.7.3)
    safe_yaml (1.0.3)
    sawyer (0.5.4)
      addressable (~> 2.3.5)
      faraday (~> 0.8, < 0.10)
    simple-rss (1.3.1)
    sinatra (1.4.5)
      rack (~> 1.4)
      rack-protection (~> 1.4)
      tilt (~> 1.3, >= 1.3.4)
    sinatra-contrib (1.4.2)
      backports (>= 2.0)
      multi_json
      rack-protection
      rack-test
      sinatra (~> 1.4.0)
      tilt (~> 1.3)
    sinatra-flash (0.3.0)
      sinatra (>= 1.0.0)
    sinatra-partial (0.4.0)
      sinatra
    sinatra-webfinger (0.2.3)
      multi_json (>= 1.0)
      sinatra (>= 1.3)
    stringex (2.5.2)
    tilt (1.4.1)
    timecop (0.7.1)
    tzinfo (0.3.40)
    unicorn (4.8.3)
      kgio (~> 2.6)
      rack
      raindrops (~> 0.7)
    wirble (0.1.3)
    yajl-ruby (1.1.0)

PLATFORMS
  ruby

DEPENDENCIES
  big_sitemap
  escape_utils
  factory_girl
  loofah
  mongoid (~> 3.1)
  mongoid_slug
  nokogiri
  octokit (~> 2.0)
  oj
  pony
  pygments.rb
  rack
  rack-test
  rake
  rakismet
  redcarpet
  rinku
  safe_yaml
  simple-rss
  sinatra
  sinatra-contrib
  sinatra-flash (= 0.3.0)
  sinatra-partial
  sinatra-webfinger
  timecop (~> 0.7)
  tzinfo
  unicorn
  wirble
